GEM
  remote: http://rubygems.org/
  specs:
    diff-lcs (1.1.3)
    docile (1.1.2)
    git (1.2.6)
    gsl (1.15.3)
      narray (>= 0.5.9)
    jeweler (1.6.4)
      bundler (~> 1.0)
      git (>= 1.2.5)
      rake
    multi_json (1.8.4)
    narray (0.6.0.8)
    rake (10.1.1)
    rcov (1.0.0)
    rspec (2.3.0)
      rspec-core (~> 2.3.0)
      rspec-expectations (~> 2.3.0)
      rspec-mocks (~> 2.3.0)
    rspec-core (2.3.1)
    rspec-expectations (2.3.0)
      diff-lcs (~> 1.1.2)
    rspec-mocks (2.3.0)
    simplecov (0.8.2)
      docile (~> 1.1.0)
      multi_json
      simplecov-html (~> 0.8.0)
    simplecov-html (0.8.0)

PLATFORMS
  ruby

DEPENDENCIES
  bundler (~> 1.1)
  gsl
  jeweler (~> 1.6.4)
  rcov
  rspec (~> 2.3.0)
  simplecov
